GEM
  remote: https://rubygems.org/
  specs:
    coderay (1.1.2)
    erubis (2.7.0)
    method_source (0.9.2)
    pry (0.12.2)
      coderay (~> 1.1.0)
      method_source (~> 0.9.0)
    rack (2.0.7)
    roda (2.1.0)
      rack
    tilt (2.0.9)

PLATFORMS
  ruby

DEPENDENCIES
  erubis (~> 2.7.0)
  pry
  roda (~> 2.1.0)
  tilt (~> 2.0.1)

BUNDLED WITH
   2.0.1
